GIT
  remote: git://github.com/wilkerlucio/mongoid_taggable.git
  revision: 1cbdd5cb22ab3e75626677bac64e3b3c7ceca553
  specs:
    mongoid_taggable (0.1.7)

GEM
  remote: http://rubygems.org/
  specs:
    abstract (1.0.0)
    actionmailer (3.0.9)
      actionpack (= 3.0.9)
      mail (~> 2.2.19)
    actionpack (3.0.9)
      activemodel (= 3.0.9)
      activesupport (= 3.0.9)
      builder (~> 2.1.2)
      erubis (~> 2.6.6)
      i18n (~> 0.5.0)
      rack (~> 1.2.1)
      rack-mount (~> 0.6.14)
      rack-test (~> 0.5.7)
      tzinfo (~> 0.3.23)
    activemodel (3.0.9)
      activesupport (= 3.0.9)
      builder (~> 2.1.2)
      i18n (~> 0.5.0)
    activerecord (3.0.9)
      activemodel (= 3.0.9)
      activesupport (= 3.0.9)
      arel (~> 2.0.10)
      tzinfo (~> 0.3.23)
    activeresource (3.0.9)
      activemodel (= 3.0.9)
      activesupport (= 3.0.9)
    activesupport (3.0.9)
    arel (2.0.10)
    aws-s3 (0.6.2)
      builder
      mime-types
      xml-simple
    bson (1.3.1)
    bson_ext (1.3.1)
    builder (2.1.2)
    capybara (1.0.0)
      mime-types (>= 1.16)
      nokogiri (>= 1.3.3)
      rack (>= 1.0.0)
      rack-test (>= 0.5.4)
      selenium-webdriver (~> 0.2.0)
      xpath (~> 0.1.4)
    childprocess (0.1.9)
      ffi (~> 1.0.6)
    cocaine (0.1.0)
    configuration (1.3.1)
    cucumber (1.0.1)
      builder (>= 2.1.2)
      diff-lcs (>= 1.1.2)
      gherkin (~> 2.4.5)
      json (>= 1.4.6)
      term-ansicolor (>= 1.0.5)
    cucumber-rails (1.0.2)
      capybara (>= 1.0.0)
      cucumber (~> 1.0.0)
      nokogiri (>= 1.4.6)
    daemons (1.1.4)
    database_cleaner (0.6.7)
    diff-lcs (1.1.2)
    erubis (2.6.6)
      abstract (>= 1.0.0)
    eventmachine (0.12.10)
    factory_girl (1.3.3)
    factory_girl_rails (1.0.1)
      factory_girl (~> 1.3)
      railties (>= 3.0.0)
    fast-stemmer (1.0.0)
    ffi (1.0.9)
    foreman (0.20.0)
      term-ansicolor (~> 1.0.5)
      thor (>= 0.13.6)
    gherkin (2.4.5)
      json (>= 1.4.6)
    heroku (2.3.6)
      launchy (>= 0.3.2)
      rest-client (~> 1.6.1)
      term-ansicolor (~> 1.0.5)
    hoe (2.8.0)
      rake (>= 0.8.7)
    i18n (0.5.0)
    json (1.5.3)
    json_pure (1.5.3)
    launchy (0.4.0)
      configuration (>= 0.0.5)
      rake (>= 0.8.1)
    mail (2.2.19)
      activesupport (>= 2.3.6)
      i18n (>= 0.4.0)
      mime-types (~> 1.16)
      treetop (~> 1.4.8)
    mime-types (1.16)
    mongo (1.3.1)
      bson (>= 1.3.1)
    mongo_ext (0.19.3)
    mongoid (2.0.2)
      activemodel (~> 3.0)
      mongo (~> 1.3)
      tzinfo (~> 0.3.22)
    mongoid-paperclip (0.0.5)
      paperclip (~> 2.3.6)
    mongoid-rspec (1.4.4)
      mongoid (~> 2.0)
      rspec (~> 2)
    mongoid_search (0.2.4)
      bson_ext (~> 1.2)
      fast-stemmer (~> 1.0.0)
      mongoid (~> 2.0.0)
    nokogiri (1.5.0)
    paperclip (2.3.15)
      activerecord (>= 2.3.0)
      activesupport (>= 2.3.2)
      cocaine (>= 0.0.2)
      mime-types
    polyglot (0.3.1)
    rack (1.2.3)
    rack-mount (0.6.14)
      rack (>= 1.0.0)
    rack-test (0.5.7)
      rack (>= 1.0)
    rails (3.0.9)
      actionmailer (= 3.0.9)
      actionpack (= 3.0.9)
      activerecord (= 3.0.9)
      activeresource (= 3.0.9)
      activesupport (= 3.0.9)
      bundler (~> 1.0)
      railties (= 3.0.9)
    railties (3.0.9)
      actionpack (= 3.0.9)
      activesupport (= 3.0.9)
      rake (>= 0.8.7)
      rdoc (~> 3.4)
      thor (~> 0.14.4)
    rake (0.9.2)
    rcov (0.9.9)
    rdoc (3.8)
    rest-client (1.6.3)
      mime-types (>= 1.16)
    rr (1.0.2)
    rspec (2.5.0)
      rspec-core (~> 2.5.0)
      rspec-expectations (~> 2.5.0)
      rspec-mocks (~> 2.5.0)
    rspec-core (2.5.2)
    rspec-expectations (2.5.0)
      diff-lcs (~> 1.1.2)
    rspec-mocks (2.5.0)
    rspec-rails (2.5.0)
      actionpack (~> 3.0)
      activesupport (~> 3.0)
      railties (~> 3.0)
      rspec (~> 2.5.0)
    rubyzip (0.9.4)
    selenium-webdriver (0.2.2)
      childprocess (>= 0.1.9)
      ffi (>= 1.0.7)
      json_pure
      rubyzip
    spork (0.8.5)
    term-ansicolor (1.0.5)
    test-unit (1.2.3)
      hoe (>= 1.5.1)
    thin (1.2.11)
      daemons (>= 1.0.9)
      eventmachine (>= 0.12.6)
      rack (>= 1.0.0)
    thor (0.14.6)
    treetop (1.4.9)
      polyglot (>= 0.3.1)
    tzinfo (0.3.29)
    webrat (0.7.3)
      nokogiri (>= 1.2.0)
      rack (>= 1.0)
      rack-test (>= 0.5.3)
    xml-simple (1.1.0)
    xpath (0.1.4)
      nokogiri (~> 1.3)

PLATFORMS
  ruby

DEPENDENCIES
  aws-s3
  capybara
  cucumber
  cucumber-rails
  database_cleaner
  factory_girl_rails
  foreman
  heroku
  hoe (= 2.8.0)
  mongo_ext
  mongoid (~> 2.0)
  mongoid-paperclip
  mongoid-rspec
  mongoid_search (= 0.2.4)
  mongoid_taggable!
  rails (= 3.0.9)
  rcov
  rr
  rspec-core (= 2.5.2)
  rspec-rails (~> 2.5.0)
  spork
  test-unit (= 1.2.3)
  thin
  webrat
